GIT
  remote: https://github.com/cf-buildpacks/base_packager.git
  revision: 1eec05ee05d9d8bd2a58e54de6b0677d4c90b899
  ref: 1eec05e
  specs:
    base_packager (0.0.1)
      rubyzip

GEM
  remote: https://rubygems.org/
  specs:
    rubyzip (1.1.3)

PLATFORMS
  ruby

DEPENDENCIES
  base_packager!
