GEM
  remote: https://rubygems.org/
  specs:
    rake (10.2.2)
    rubyzip (1.1.3)

PLATFORMS
  ruby

DEPENDENCIES
  rake
  rubyzip
