GIT
  remote: https://github.com/cf-buildpacks/base_packager.git
  revision: 37eaf54495de6772a4a97a74f65593cbd8d1a43c
  ref: 37eaf54
  specs:
    base_packager (0.0.1)
      rubyzip

GEM
  remote: https://rubygems.org/
  specs:
    rubyzip (1.1.3)

PLATFORMS
  ruby

DEPENDENCIES
  base_packager!
